GEM
  remote: http://rubygems.org/
  specs:
    diff-lcs (1.3)
    minitest (4.7.5)
    openstudio-standards (0.1.11)
    openstudio-workflow (1.1.0)
    parallel (1.10.0)
    rspec (3.5.0)
      rspec-core (~> 3.5.0)
      rspec-expectations (~> 3.5.0)
      rspec-mocks (~> 3.5.0)
    rspec-core (3.5.4)
      rspec-support (~> 3.5.0)
    rspec-expectations (3.5.0)
      diff-lcs (>= 1.2.0, < 2.0)
      rspec-support (~> 3.5.0)
    rspec-mocks (3.5.0)
      diff-lcs (>= 1.2.0, < 2.0)
      rspec-support (~> 3.5.0)
    rspec-support (3.5.0)
    test-unit-minitest (0.9.1)
      minitest (~> 4.7)

PLATFORMS
  x64-mingw32

DEPENDENCIES
  minitest (~> 4.7)
  openstudio-standards (= 0.1.11)
  openstudio-workflow (= 1.1.0)
  parallel (~> 1.10.0)
  rspec (~> 3.5.0)
  test-unit-minitest (~> 0.9.1)

BUNDLED WITH
   1.14.3
